GIT
  remote: git://projects.tryphon.priv/box
  revision: a4fc200d575e51a7e934d6ef5d79596b2588b279
  specs:
    tryphon-box (0.0.16)
      activesupport
      facter
      httparty
      steto
      treetop
      trollop

GIT
  remote: git://projects.tryphon.priv/pige
  revision: 6fe737c94a0264e7ddc7f34206d04e8d772f92db
  specs:
    pige (0.0.1)
      activesupport
      taglib-ruby

GEM
  remote: https://rubygems.org/
  specs:
    SyslogLogger (2.0)
    actionmailer (2.3.18)
      actionpack (= 2.3.18)
    actionpack (2.3.18)
      activesupport (= 2.3.18)
      rack (~> 1.1.0)
    activerecord (2.3.18)
      activesupport (= 2.3.18)
    activeresource (2.3.18)
      activesupport (= 2.3.18)
    activesupport (2.3.18)
    addressable (2.2.6)
    builder (3.0.0)
    capistrano (2.6.0)
      highline
      net-scp (>= 1.0.0)
      net-sftp (>= 2.0.0)
      net-ssh (>= 2.0.14)
      net-ssh-gateway (>= 1.1.0)
    capistrano-ext (1.2.1)
      capistrano (>= 1.0.0)
    cocaine (0.2.1)
    crack (0.1.8)
    cucumber (1.1.9)
      builder (>= 2.1.2)
      diff-lcs (>= 1.1.2)
      gherkin (~> 2.9.0)
      json (>= 1.4.6)
      term-ansicolor (>= 1.0.6)
    cucumber-rails (0.3.2)
      cucumber (>= 0.8.0)
    daemons (1.1.0)
    database_cleaner (0.5.2)
    delayed_job (2.0.3)
      daemons
    diff-lcs (1.1.3)
    eventmachine (1.0.3)
    facter (1.7.5)
    factory_girl (1.3.2)
    gherkin (2.9.3)
      json (>= 1.4.6)
    guard (0.5.1)
      thor (~> 0.14.6)
    guard-bundler (0.1.3)
      bundler (>= 1.0.0)
      guard (>= 0.2.2)
    guard-cucumber (0.5.2)
      cucumber (>= 0.10)
      guard (>= 0.4.0)
    guard-rspec (0.4.0)
      guard (>= 0.4.0)
    has_scope (0.5.0)
    highline (1.6.1)
    hoe (3.9.0)
      rake (>= 0.8, < 11.0)
    httparty (0.6.1)
      crack (= 0.1.8)
    inherited_resources (1.0.6)
      has_scope (~> 0.5.0)
      responders (~> 0.4.6)
    json (1.8.1)
    launchy (2.0.5)
      addressable (~> 2.2.6)
    less (1.2.21)
      mutter (>= 0.4.2)
      treetop (>= 1.4.2)
    markup_validity (1.1.0)
      nokogiri (>= 1.3.1)
    metalive (0.0.1)
      httparty (= 0.6.1)
    mini_portile (0.5.2)
    mutter (0.5.3)
    net-scp (1.0.4)
      net-ssh (>= 1.99.1)
    net-sftp (2.0.5)
      net-ssh (>= 2.0.9)
    net-ssh (2.1.4)
    net-ssh-gateway (1.1.0)
      net-ssh (>= 1.99.1)
    nokogiri (1.6.1)
      mini_portile (~> 0.5.0)
    parallel (0.9.2)
    pickle (0.4.2)
      cucumber (>= 0.8)
      rake
      rspec (>= 1.3)
      yard
    polyglot (0.3.4)
    rack (1.1.6)
    rack-test (0.5.6)
      rack (>= 1.0)
    rails (2.3.18)
      actionmailer (= 2.3.18)
      actionpack (= 2.3.18)
      activerecord (= 2.3.18)
      activeresource (= 2.3.18)
      activesupport (= 2.3.18)
      rake (>= 0.8.3)
    rake (10.1.1)
    rake-debian-build (1.0.18)
    responders (0.4.7)
    rspec (1.3.2)
    rspec-rails (1.3.4)
      rack (>= 1.0.0)
      rspec (~> 1.3.1)
    sqlite3-ruby (1.3.1)
    steto (0.0.7)
      cocaine (= 0.2.1)
      json
      parallel
    strip_attributes (0.9.0)
      activerecord (~> 2.0)
    taglib-ruby (0.4.0)
    term-ansicolor (1.0.7)
    test-unit (1.2.3)
      hoe (>= 1.5.1)
    thor (0.14.6)
    treetop (1.4.15)
      polyglot
      polyglot (>= 0.3.1)
    trollop (2.0)
    webrat (0.7.1)
      nokogiri (>= 1.2.0)
      rack (>= 1.0)
      rack-test (>= 0.5.3)
    will_paginate (2.3.15)
    yard (0.6.1)

PLATFORMS
  ruby

DEPENDENCIES
  SyslogLogger (~> 2.0)
  capistrano
  capistrano-ext
  cucumber
  cucumber-rails
  database_cleaner
  delayed_job
  eventmachine
  factory_girl
  guard
  guard-bundler
  guard-cucumber
  guard-rspec
  inherited_resources (= 1.0.6)
  launchy
  less
  markup_validity
  metalive
  pickle
  pige!
  rack (~> 1.1.0)
  rails (= 2.3.18)
  rake-debian-build
  rspec (~> 1.3.1)
  rspec-rails (~> 1.3.3)
  sqlite3-ruby
  strip_attributes
  taglib-ruby (~> 0.4.0)
  test-unit (= 1.2.3)
  tryphon-box!
  webrat
  will_paginate (~> 2.3.11)
