GIT
  remote: git://projects.tryphon.priv/pige
  revision: 4e7eeff44ae471ed6cc3188fc11856adee467a39
  specs:
    pige (0.0.1)
      activesupport
      taglib-ruby

GEM
  remote: http://rubygems.org/
  specs:
    SyslogLogger (1.4.0)
      hoe (>= 1.2.0)
    actionmailer (2.3.8)
      actionpack (= 2.3.8)
    actionpack (2.3.8)
      activesupport (= 2.3.8)
      rack (~> 1.1.0)
    activerecord (2.3.8)
      activesupport (= 2.3.8)
    activeresource (2.3.8)
      activesupport (= 2.3.8)
    activesupport (2.3.8)
    autotest (4.4.4)
    autotest-notification (2.3.1)
      autotest (~> 4.3)
    builder (3.0.0)
    capistrano (2.6.0)
      highline
      net-scp (>= 1.0.0)
      net-sftp (>= 2.0.0)
      net-ssh (>= 2.0.14)
      net-ssh-gateway (>= 1.1.0)
    capistrano-ext (1.2.1)
      capistrano (>= 1.0.0)
    crack (0.1.8)
    cucumber (1.1.9)
      builder (>= 2.1.2)
      diff-lcs (>= 1.1.2)
      gherkin (~> 2.9.0)
      json (>= 1.4.6)
      term-ansicolor (>= 1.0.6)
    cucumber-rails (0.3.2)
      cucumber (>= 0.8.0)
    daemons (1.1.0)
    database_cleaner (0.5.2)
    delayed_job (2.0.3)
      daemons
    diff-lcs (1.1.3)
    eventmachine (0.12.10)
    factory_girl (1.3.2)
    gherkin (2.9.3)
      json (>= 1.4.6)
    guard (0.5.1)
      thor (~> 0.14.6)
    guard-bundler (0.1.3)
      bundler (>= 1.0.0)
      guard (>= 0.2.2)
    guard-cucumber (0.5.2)
      cucumber (>= 0.10)
      guard (>= 0.4.0)
    guard-rspec (0.4.0)
      guard (>= 0.4.0)
    has_scope (0.5.0)
    highline (1.6.1)
    hoe (2.6.2)
      rake (>= 0.8.7)
      rubyforge (>= 2.0.4)
    httparty (0.6.1)
      crack (= 0.1.8)
    inherited_resources (1.0.6)
      has_scope (~> 0.5.0)
      responders (~> 0.4.6)
    json (1.6.6)
    json_pure (1.4.6)
    less (1.2.21)
      mutter (>= 0.4.2)
      treetop (>= 1.4.2)
    markup_validity (1.1.0)
      nokogiri (>= 1.3.1)
    metalive (0.0.1)
      httparty (= 0.6.1)
    mutter (0.5.3)
    net-scp (1.0.4)
      net-ssh (>= 1.99.1)
    net-sftp (2.0.5)
      net-ssh (>= 2.0.9)
    net-ssh (2.1.4)
    net-ssh-gateway (1.1.0)
      net-ssh (>= 1.99.1)
    nokogiri (1.4.3.1)
    pickle (0.4.2)
      cucumber (>= 0.8)
      rake
      rspec (>= 1.3)
      yard
    polyglot (0.3.1)
    rack (1.1.0)
    rack-test (0.5.6)
      rack (>= 1.0)
    rails (2.3.8)
      actionmailer (= 2.3.8)
      actionpack (= 2.3.8)
      activerecord (= 2.3.8)
      activeresource (= 2.3.8)
      activesupport (= 2.3.8)
      rake (>= 0.8.3)
    rake (0.8.7)
    rake-debian-build (1.0.18)
    rcov (0.9.9)
    remarkable (3.1.13)
      rspec (>= 1.2.0)
    remarkable_activerecord (3.1.13)
      remarkable (~> 3.1.13)
      rspec (>= 1.2.0)
    remarkable_rails (3.1.13)
      remarkable (~> 3.1.13)
      remarkable_activerecord (~> 3.1.13)
      rspec (>= 1.2.0)
      rspec-rails (>= 1.2.0)
    responders (0.4.7)
    rspec (1.3.1)
    rspec-rails (1.3.3)
      rack (>= 1.0.0)
      rspec (= 1.3.1)
    rubyforge (2.0.4)
      json_pure (>= 1.1.7)
    sqlite3-ruby (1.3.1)
    strip_attributes (0.9.0)
      activerecord (~> 2.0)
    taglib-ruby (0.5.2)
    term-ansicolor (1.0.7)
    thor (0.14.6)
    treetop (1.4.9)
      polyglot (>= 0.3.1)
    webrat (0.7.1)
      nokogiri (>= 1.2.0)
      rack (>= 1.0)
      rack-test (>= 0.5.3)
    will_paginate (2.3.15)
    yard (0.6.1)

PLATFORMS
  ruby

DEPENDENCIES
  SyslogLogger
  autotest
  autotest-notification
  capistrano
  capistrano-ext
  cucumber
  cucumber-rails
  database_cleaner
  delayed_job
  eventmachine
  factory_girl
  guard
  guard-bundler
  guard-cucumber
  guard-rspec
  inherited_resources (= 1.0.6)
  less
  markup_validity
  metalive
  pickle
  pige!
  rack (~> 1.1.0)
  rails (= 2.3.8)
  rake-debian-build
  rcov
  remarkable_rails
  rspec (= 1.3.1)
  rspec-rails (= 1.3.3)
  sqlite3-ruby
  strip_attributes
  taglib-ruby
  webrat
  will_paginate (~> 2.3.11)
